GEM
  remote: https://rubygems.org/
  specs:
    bcrypt (3.1.11-x64-mingw32)
    bcrypt (3.1.11-x86-mingw32)
    childprocess (0.9.0)
      ffi (~> 1.0, >= 1.0.11)
    ffi (1.9.23-x64-mingw32)
    ffi (1.9.23-x86-mingw32)
    pg (0.21.0-x64-mingw32)
    pg (0.21.0-x86-mingw32)
    rack (1.6.8)
    rack-protection (1.5.3)
      rack
    rubyzip (1.2.1)
    selenium-webdriver (3.11.0)
      childprocess (~> 0.5)
      rubyzip (~> 1.2)
    sinatra (1.4.8)
      rack (~> 1.5)
      rack-protection (~> 1.4)
      tilt (>= 1.3, < 3)
    tilt (2.0.8)

PLATFORMS
  x64-mingw32
  x86-mingw32

DEPENDENCIES
  bcrypt
  pg
  selenium-webdriver
  sinatra (~> 1.4.0)

BUNDLED WITH
   1.16.1
